GEM
  remote: https://rubygems.org/
  specs:
    async (1.10.3)
      nio4r (~> 2.3)
      timers (~> 4.1)
    async-dns (1.2.0)
      async-io (~> 1.3)
    async-io (1.15.5)
      async (~> 1.3)
    hitimes (1.3.0)
    nio4r (2.3.1)
    rubydns (2.0.2)
      async-dns (~> 1.0)
    timers (4.1.2)
      hitimes

PLATFORMS
  ruby

DEPENDENCIES
  rubydns

BUNDLED WITH
   1.16.1
